{
  "aor": 0.0010049560117302053,
  "aqi": 0.006314103225806451,
  "bids_meta": {
    "AcquisitionNumber": 2,
    "BIDSVersion": "1.1.0",
    "BidsifyVersion": "0.3.5",
    "ConversionSoftware": "dcm2niix",
    "ConversionSoftwareVersion": "v1.0.20181125  GCC6.3.0",
    "EchoTime": 0.03,
    "EffectiveEchoSpacing": 0.0006136,
    "FlipAngle": 55,
    "ImageComments": "NI-edu",
    "ImageOrientationPatientDICOM": [
      0.992949,
      -0.117962,
      -0.0116941,
      0.103137,
      0.908336,
      -0.405325
    ],
    "InstitutionName": "Spinoza Centre for Neuroimaging, location REC",
    "MagneticFieldStrength": 3,
    "Manufacturer": "Philips",
    "MultibandAccelerationFactor": 4,
    "ParallelAcquisitionTechnique": "SENSE",
    "ParallelReductionFactorInPlane": 1.5,
    "PatientPosition": "HFS",
    "PhaseEncodingDirection": "j",
    "PhilipsRescaleIntercept": 0,
    "PhilipsRescaleSlope": 0.88571,
    "PhilipsScaleSlope": 0.0386869,
    "ProtocolName": "task-face_acq-Mb4Mm27Tr700_run-1_bold",
    "PulseSequenceType": "Multiband gradient echo EPI",
    "ReconMatrixPE": 80,
    "RepetitionTime": 0.7,
    "SeriesDescription": "ImageMRSERIES",
    "SeriesNumber": 2,
    "SliceEncodingDirection": "k",
    "SliceTiming": [
      0.0,
      0.06363636363636363,
      0.12727272727272726,
      0.1909090909090909,
      0.2545454545454545,
      0.3181818181818181,
      0.3818181818181818,
      0.44545454545454544,
      0.509090909090909,
      0.5727272727272726,
      0.6363636363636362,
      0.0,
      0.06363636363636363,
      0.12727272727272726,
      0.1909090909090909,
      0.2545454545454545,
      0.3181818181818181,
      0.3818181818181818,
      0.44545454545454544,
      0.509090909090909,
      0.5727272727272726,
      0.6363636363636362,
      0.0,
      0.06363636363636363,
      0.12727272727272726,
      0.1909090909090909,
      0.2545454545454545,
      0.3181818181818181,
      0.3818181818181818,
      0.44545454545454544,
      0.509090909090909,
      0.5727272727272726,
      0.6363636363636362,
      0.0,
      0.06363636363636363,
      0.12727272727272726,
      0.1909090909090909,
      0.2545454545454545,
      0.3181818181818181,
      0.3818181818181818,
      0.44545454545454544,
      0.509090909090909,
      0.5727272727272726,
      0.6363636363636362
    ],
    "TaskName": "face",
    "TotalReadoutTime": 0.0325221,
    "UsePhilipsFloatNotDisplayScaling": 1,
    "WaterFatShift": 14.388,
    "dataset": "ds003965",
    "modality": "bold",
    "run_id": 1,
    "session_id": "2",
    "subject_id": "03",
    "task_id": "face"
  },
  "dummy_trs": 0,
  "dvars_nstd": 28.88294030914705,
  "dvars_std": 1.322625871235295,
  "dvars_vstd": 1.0087405994117649,
  "efc": 0.4444101350485409,
  "fber": 1978718.75,
  "fd_mean": 0.08784620349609175,
  "fd_num": 2,
  "fd_perc": 0.5865102639296188,
  "fwhm_avg": 1.944520621424024,
  "fwhm_x": 1.9503036692601015,
  "fwhm_y": 2.0851370002121925,
  "fwhm_z": 1.7981211947997777,
  "gcor": 0.0414521,
  "gsr_x": -0.01776491291821003,
  "gsr_y": 0.015417645685374737,
  "provenance": {
    "md5sum": "312160694abb7393b8ee7f49eb15ec7e",
    "settings": {
      "fd_thres": 0.2,
      "testing": false
    },
    "software": "mriqc",
    "version": "23.0.1",
    "webapi_port": null,
    "webapi_url": "https://mriqc.nimh.nih.gov/api/v1"
  },
  "size_t": 341,
  "size_x": 80,
  "size_y": 80,
  "size_z": 44,
  "snr": 6.280610876069927,
  "spacing_tr": 0.699999988079071,
  "spacing_x": 2.700000047683716,
  "spacing_y": 2.700000047683716,
  "spacing_z": 2.9700000286102295,
  "summary_bg_k": 28.77145012997868,
  "summary_bg_mad": 37.612682493907016,
  "summary_bg_mean": 896.7704467773438,
  "summary_bg_median": 25.427841186523438,
  "summary_bg_n": 188048.0,
  "summary_bg_p05": 0.038361023366451266,
  "summary_bg_p95": 4371.767895507812,
  "summary_bg_stdv": 2210.0732421875,
  "summary_fg_k": 1.8897795391520242,
  "summary_fg_mad": 5091.9973194574895,
  "summary_fg_mean": 37320.703125,
  "summary_fg_median": 36625.640625,
  "summary_fg_n": 45161.0,
  "summary_fg_p05": 29511.36328125,
  "summary_fg_p95": 47803.8828125,
  "summary_fg_stdv": 5831.4765625,
  "tsnr": 69.51152038574219
}