{
  "aor": 0.0010664222873900293,
  "aqi": 0.006300274926686218,
  "bids_meta": {
    "AcquisitionNumber": 16,
    "BIDSVersion": "1.1.0",
    "BidsifyVersion": "0.3.5",
    "ConversionSoftware": "dcm2niix",
    "ConversionSoftwareVersion": "v1.0.20181125  GCC6.3.0",
    "EchoTime": 0.03,
    "EffectiveEchoSpacing": 0.0006136,
    "FlipAngle": 55,
    "ImageComments": "NI-edu",
    "ImageOrientationPatientDICOM": [
      0.992949,
      -0.117962,
      -0.0116941,
      0.103137,
      0.908336,
      -0.405325
    ],
    "InstitutionName": "Spinoza Centre for Neuroimaging, location REC",
    "MagneticFieldStrength": 3,
    "Manufacturer": "Philips",
    "MultibandAccelerationFactor": 4,
    "ParallelAcquisitionTechnique": "SENSE",
    "ParallelReductionFactorInPlane": 1.5,
    "PatientPosition": "HFS",
    "PhaseEncodingDirection": "j",
    "PhilipsRescaleIntercept": 0,
    "PhilipsRescaleSlope": 0.8525,
    "PhilipsScaleSlope": 0.0465829,
    "ProtocolName": "task-face_acq-Mb4Mm27Tr700_run-5_bold",
    "PulseSequenceType": "Multiband gradient echo EPI",
    "ReconMatrixPE": 80,
    "RepetitionTime": 0.7,
    "SeriesDescription": "ImageMRSERIES",
    "SeriesNumber": 16,
    "SliceEncodingDirection": "k",
    "SliceTiming": [
      0.0,
      0.06363636363636363,
      0.12727272727272726,
      0.1909090909090909,
      0.2545454545454545,
      0.3181818181818181,
      0.3818181818181818,
      0.44545454545454544,
      0.509090909090909,
      0.5727272727272726,
      0.6363636363636362,
      0.0,
      0.06363636363636363,
      0.12727272727272726,
      0.1909090909090909,
      0.2545454545454545,
      0.3181818181818181,
      0.3818181818181818,
      0.44545454545454544,
      0.509090909090909,
      0.5727272727272726,
      0.6363636363636362,
      0.0,
      0.06363636363636363,
      0.12727272727272726,
      0.1909090909090909,
      0.2545454545454545,
      0.3181818181818181,
      0.3818181818181818,
      0.44545454545454544,
      0.509090909090909,
      0.5727272727272726,
      0.6363636363636362,
      0.0,
      0.06363636363636363,
      0.12727272727272726,
      0.1909090909090909,
      0.2545454545454545,
      0.3181818181818181,
      0.3818181818181818,
      0.44545454545454544,
      0.509090909090909,
      0.5727272727272726,
      0.6363636363636362
    ],
    "TaskName": "face",
    "TotalReadoutTime": 0.0325221,
    "UsePhilipsFloatNotDisplayScaling": 1,
    "WaterFatShift": 14.388,
    "dataset": "ds003965",
    "modality": "bold",
    "run_id": 5,
    "session_id": "2",
    "subject_id": "03",
    "task_id": "face"
  },
  "dummy_trs": 0,
  "dvars_nstd": 28.51188746061766,
  "dvars_std": 1.2811043420294128,
  "dvars_vstd": 1.0138702474411763,
  "efc": 0.4539058021844176,
  "fber": 914023.125,
  "fd_mean": 0.09220056103836233,
  "fd_num": 3,
  "fd_perc": 0.8797653958944281,
  "fwhm_avg": 1.9076091741318795,
  "fwhm_x": 1.9339370028824807,
  "fwhm_y": 2.040314778781559,
  "fwhm_z": 1.7485757407315983,
  "gcor": 0.0319616,
  "gsr_x": -0.023267604410648346,
  "gsr_y": 0.018651025369763374,
  "provenance": {
    "md5sum": "13be6ae6d58f2a0c559cac994806d779",
    "settings": {
      "fd_thres": 0.2,
      "testing": false
    },
    "software": "mriqc",
    "version": "23.0.1",
    "webapi_port": null,
    "webapi_url": "https://mriqc.nimh.nih.gov/api/v1"
  },
  "size_t": 341,
  "size_x": 80,
  "size_y": 80,
  "size_z": 44,
  "snr": 6.237736263915905,
  "spacing_tr": 0.699999988079071,
  "spacing_x": 2.700000047683716,
  "spacing_y": 2.700000047683716,
  "spacing_z": 2.9700000286102295,
  "summary_bg_k": 22.93394341850913,
  "summary_bg_mad": 49.61769497477002,
  "summary_bg_mean": 998.620849609375,
  "summary_bg_median": 33.600860595703125,
  "summary_bg_n": 187748.0,
  "summary_bg_p05": 0.09966351352632048,
  "summary_bg_p95": 5075.91484375,
  "summary_bg_stdv": 2314.529052734375,
  "summary_fg_k": 1.6799960276216215,
  "summary_fg_mad": 4802.1978127664315,
  "summary_fg_mean": 34569.03515625,
  "summary_fg_median": 33988.9609375,
  "summary_fg_n": 45486.0,
  "summary_fg_p05": 27239.46533203125,
  "summary_fg_p95": 44493.6318359375,
  "summary_fg_stdv": 5448.86572265625,
  "tsnr": 68.64356994628906
}