{
  "aor": 0.001279149560117302,
  "aqi": 0.005435726803519062,
  "bids_meta": {
    "AcquisitionNumber": 8,
    "BIDSVersion": "1.1.0",
    "BidsifyVersion": "0.3.5",
    "ConversionSoftware": "dcm2niix",
    "ConversionSoftwareVersion": "v1.0.20181125  GCC6.3.0",
    "EchoTime": 0.03,
    "EffectiveEchoSpacing": 0.0006136,
    "FlipAngle": 55,
    "ImageComments": "NI-edu",
    "ImageOrientationPatientDICOM": [
      0.999625,
      -0.0119037,
      0.0246467,
      0.0209392,
      0.9125,
      -0.408541
    ],
    "InstitutionName": "Spinoza Centre for Neuroimaging, location REC",
    "MagneticFieldStrength": 3,
    "Manufacturer": "Philips",
    "MultibandAccelerationFactor": 4,
    "ParallelAcquisitionTechnique": "SENSE",
    "ParallelReductionFactorInPlane": 1.5,
    "PatientPosition": "HFS",
    "PhaseEncodingDirection": "j",
    "PhilipsRescaleIntercept": 0,
    "PhilipsRescaleSlope": 0.81001,
    "PhilipsScaleSlope": 0.0415214,
    "ProtocolName": "task-face_acq-Mb4Mm27Tr700_run-3_bold",
    "PulseSequenceType": "Multiband gradient echo EPI",
    "ReconMatrixPE": 80,
    "RepetitionTime": 0.7,
    "SeriesDescription": "ImageMRSERIES",
    "SeriesNumber": 8,
    "SliceEncodingDirection": "k",
    "SliceTiming": [
      0.0,
      0.06363636363636363,
      0.12727272727272726,
      0.1909090909090909,
      0.2545454545454545,
      0.3181818181818181,
      0.3818181818181818,
      0.44545454545454544,
      0.509090909090909,
      0.5727272727272726,
      0.6363636363636362,
      0.0,
      0.06363636363636363,
      0.12727272727272726,
      0.1909090909090909,
      0.2545454545454545,
      0.3181818181818181,
      0.3818181818181818,
      0.44545454545454544,
      0.509090909090909,
      0.5727272727272726,
      0.6363636363636362,
      0.0,
      0.06363636363636363,
      0.12727272727272726,
      0.1909090909090909,
      0.2545454545454545,
      0.3181818181818181,
      0.3818181818181818,
      0.44545454545454544,
      0.509090909090909,
      0.5727272727272726,
      0.6363636363636362,
      0.0,
      0.06363636363636363,
      0.12727272727272726,
      0.1909090909090909,
      0.2545454545454545,
      0.3181818181818181,
      0.3818181818181818,
      0.44545454545454544,
      0.509090909090909,
      0.5727272727272726,
      0.6363636363636362
    ],
    "TaskName": "face",
    "TotalReadoutTime": 0.0325221,
    "UsePhilipsFloatNotDisplayScaling": 1,
    "WaterFatShift": 14.388,
    "dataset": "ds003965",
    "modality": "bold",
    "run_id": 3,
    "session_id": "1",
    "subject_id": "03",
    "task_id": "face"
  },
  "dummy_trs": 0,
  "dvars_nstd": 26.36984726917646,
  "dvars_std": 1.2326754528235295,
  "dvars_vstd": 1.0175043673823523,
  "efc": 0.44261909466649063,
  "fber": 679433.125,
  "fd_mean": 0.10300750695074302,
  "fd_num": 16,
  "fd_perc": 4.69208211143695,
  "fwhm_avg": 1.9434210702477568,
  "fwhm_x": 1.9742740392071398,
  "fwhm_y": 2.1062518146541063,
  "fwhm_z": 1.7497373568820245,
  "gcor": 0.0211712,
  "gsr_x": -0.016694845631718636,
  "gsr_y": 0.018806900829076767,
  "provenance": {
    "md5sum": "a7af9f59a95dd96e182f5e99683de956",
    "settings": {
      "fd_thres": 0.2,
      "testing": false
    },
    "software": "mriqc",
    "version": "23.0.1",
    "webapi_port": null,
    "webapi_url": "https://mriqc.nimh.nih.gov/api/v1"
  },
  "size_t": 341,
  "size_x": 80,
  "size_y": 80,
  "size_z": 44,
  "snr": 5.882356864677121,
  "spacing_tr": 0.699999988079071,
  "spacing_x": 2.700000047683716,
  "spacing_y": 2.700000047683716,
  "spacing_z": 2.9700000286102295,
  "summary_bg_k": 31.2778157143335,
  "summary_bg_mad": 60.60712669705988,
  "summary_bg_mean": 851.4003295898438,
  "summary_bg_median": 40.97960662841797,
  "summary_bg_n": 188410.0,
  "summary_bg_p05": 0.05448740683496,
  "summary_bg_p95": 4025.6100952148436,
  "summary_bg_stdv": 2051.28125,
  "summary_fg_k": 1.6086053133327365,
  "summary_fg_mad": 5288.265475254543,
  "summary_fg_mean": 35965.13671875,
  "summary_fg_median": 35339.90625,
  "summary_fg_n": 45052.0,
  "summary_fg_p05": 27589.765234375,
  "summary_fg_p95": 46603.678125,
  "summary_fg_stdv": 6007.71337890625,
  "tsnr": 70.48574829101562
}