{
  "aor": 0.001010791788856305,
  "aqi": 0.005692311319648095,
  "bids_meta": {
    "AcquisitionNumber": 17,
    "BIDSVersion": "1.1.0",
    "BidsifyVersion": "0.3.5",
    "ConversionSoftware": "dcm2niix",
    "ConversionSoftwareVersion": "v1.0.20181125  GCC6.3.0",
    "EchoTime": 0.03,
    "EffectiveEchoSpacing": 0.0006136,
    "FlipAngle": 55,
    "ImageComments": "NI-edu",
    "ImageOrientationPatientDICOM": [
      0.999625,
      -0.0119037,
      0.0246467,
      0.0209392,
      0.9125,
      -0.408541
    ],
    "InstitutionName": "Spinoza Centre for Neuroimaging, location REC",
    "MagneticFieldStrength": 3,
    "Manufacturer": "Philips",
    "MultibandAccelerationFactor": 4,
    "ParallelAcquisitionTechnique": "SENSE",
    "ParallelReductionFactorInPlane": 1.5,
    "PatientPosition": "HFS",
    "PhaseEncodingDirection": "j",
    "PhilipsRescaleIntercept": 0,
    "PhilipsRescaleSlope": 0.8652,
    "PhilipsScaleSlope": 0.0428857,
    "ProtocolName": "task-face_acq-Mb4Mm27Tr700_run-6_bold",
    "PulseSequenceType": "Multiband gradient echo EPI",
    "ReconMatrixPE": 80,
    "RepetitionTime": 0.7,
    "SeriesDescription": "ImageMRSERIES",
    "SeriesNumber": 17,
    "SliceEncodingDirection": "k",
    "SliceTiming": [
      0.0,
      0.06363636363636363,
      0.12727272727272726,
      0.1909090909090909,
      0.2545454545454545,
      0.3181818181818181,
      0.3818181818181818,
      0.44545454545454544,
      0.509090909090909,
      0.5727272727272726,
      0.6363636363636362,
      0.0,
      0.06363636363636363,
      0.12727272727272726,
      0.1909090909090909,
      0.2545454545454545,
      0.3181818181818181,
      0.3818181818181818,
      0.44545454545454544,
      0.509090909090909,
      0.5727272727272726,
      0.6363636363636362,
      0.0,
      0.06363636363636363,
      0.12727272727272726,
      0.1909090909090909,
      0.2545454545454545,
      0.3181818181818181,
      0.3818181818181818,
      0.44545454545454544,
      0.509090909090909,
      0.5727272727272726,
      0.6363636363636362,
      0.0,
      0.06363636363636363,
      0.12727272727272726,
      0.1909090909090909,
      0.2545454545454545,
      0.3181818181818181,
      0.3818181818181818,
      0.44545454545454544,
      0.509090909090909,
      0.5727272727272726,
      0.6363636363636362
    ],
    "TaskName": "face",
    "TotalReadoutTime": 0.0325221,
    "UsePhilipsFloatNotDisplayScaling": 1,
    "WaterFatShift": 14.388,
    "dataset": "ds003965",
    "modality": "bold",
    "run_id": 6,
    "session_id": "1",
    "subject_id": "03",
    "task_id": "face"
  },
  "dummy_trs": 0,
  "dvars_nstd": 27.190110448117665,
  "dvars_std": 1.2233406060882368,
  "dvars_vstd": 1.0094830498529415,
  "efc": 0.4482351886808471,
  "fber": 463048.40625,
  "fd_mean": 0.09187108984208525,
  "fd_num": 4,
  "fd_perc": 1.1730205278592376,
  "fwhm_avg": 1.9489287019882982,
  "fwhm_x": 2.001940705385196,
  "fwhm_y": 2.108744407202678,
  "fwhm_z": 1.736100993377021,
  "gcor": 0.0269882,
  "gsr_x": -0.01938800886273384,
  "gsr_y": 0.02085091732442379,
  "provenance": {
    "md5sum": "784c8e629e28bbc5f97ba0d4c3b613e8",
    "settings": {
      "fd_thres": 0.2,
      "testing": false
    },
    "software": "mriqc",
    "version": "23.0.1",
    "webapi_port": null,
    "webapi_url": "https://mriqc.nimh.nih.gov/api/v1"
  },
  "size_t": 341,
  "size_x": 80,
  "size_y": 80,
  "size_z": 44,
  "snr": 5.7056140873322585,
  "spacing_tr": 0.699999988079071,
  "spacing_x": 2.700000047683716,
  "spacing_y": 2.700000047683716,
  "spacing_z": 2.9700000286102295,
  "summary_bg_k": 26.25600106164595,
  "summary_bg_mad": 69.43221643505991,
  "summary_bg_mean": 908.0164184570312,
  "summary_bg_median": 46.930877685546875,
  "summary_bg_n": 188141.0,
  "summary_bg_p05": 0.06122324988245964,
  "summary_bg_p95": 4386.13623046875,
  "summary_bg_stdv": 2080.33251953125,
  "summary_fg_k": 1.3258237525803596,
  "summary_fg_mad": 5303.719865957989,
  "summary_fg_mean": 34365.94921875,
  "summary_fg_median": 33902.3671875,
  "summary_fg_n": 45274.0,
  "summary_fg_p05": 25762.171484375,
  "summary_fg_p95": 44803.9662109375,
  "summary_fg_stdv": 5941.86572265625,
  "tsnr": 65.64791107177734
}