{
  "aor": 0.0012303225806451613,
  "aqi": 0.005598373753665688,
  "bids_meta": {
    "AcquisitionNumber": 11,
    "BIDSVersion": "1.1.0",
    "BidsifyVersion": "0.3.5",
    "ConversionSoftware": "dcm2niix",
    "ConversionSoftwareVersion": "v1.0.20181125  GCC6.3.0",
    "EchoTime": 0.03,
    "EffectiveEchoSpacing": 0.0006136,
    "FlipAngle": 55,
    "ImageComments": "NI-edu",
    "ImageOrientationPatientDICOM": [
      0.999625,
      -0.0119037,
      0.0246467,
      0.0209392,
      0.9125,
      -0.408541
    ],
    "InstitutionName": "Spinoza Centre for Neuroimaging, location REC",
    "MagneticFieldStrength": 3,
    "Manufacturer": "Philips",
    "MultibandAccelerationFactor": 4,
    "ParallelAcquisitionTechnique": "SENSE",
    "ParallelReductionFactorInPlane": 1.5,
    "PatientPosition": "HFS",
    "PhaseEncodingDirection": "j",
    "PhilipsRescaleIntercept": 0,
    "PhilipsRescaleSlope": 0.82711,
    "PhilipsScaleSlope": 0.0409647,
    "ProtocolName": "task-face_acq-Mb4Mm27Tr700_run-4_bold",
    "PulseSequenceType": "Multiband gradient echo EPI",
    "ReconMatrixPE": 80,
    "RepetitionTime": 0.7,
    "SeriesDescription": "ImageMRSERIES",
    "SeriesNumber": 11,
    "SliceEncodingDirection": "k",
    "SliceTiming": [
      0.0,
      0.06363636363636363,
      0.12727272727272726,
      0.1909090909090909,
      0.2545454545454545,
      0.3181818181818181,
      0.3818181818181818,
      0.44545454545454544,
      0.509090909090909,
      0.5727272727272726,
      0.6363636363636362,
      0.0,
      0.06363636363636363,
      0.12727272727272726,
      0.1909090909090909,
      0.2545454545454545,
      0.3181818181818181,
      0.3818181818181818,
      0.44545454545454544,
      0.509090909090909,
      0.5727272727272726,
      0.6363636363636362,
      0.0,
      0.06363636363636363,
      0.12727272727272726,
      0.1909090909090909,
      0.2545454545454545,
      0.3181818181818181,
      0.3818181818181818,
      0.44545454545454544,
      0.509090909090909,
      0.5727272727272726,
      0.6363636363636362,
      0.0,
      0.06363636363636363,
      0.12727272727272726,
      0.1909090909090909,
      0.2545454545454545,
      0.3181818181818181,
      0.3818181818181818,
      0.44545454545454544,
      0.509090909090909,
      0.5727272727272726,
      0.6363636363636362
    ],
    "TaskName": "face",
    "TotalReadoutTime": 0.0325221,
    "UsePhilipsFloatNotDisplayScaling": 1,
    "WaterFatShift": 14.388,
    "dataset": "ds003965",
    "modality": "bold",
    "run_id": 4,
    "session_id": "1",
    "subject_id": "03",
    "task_id": "face"
  },
  "dummy_trs": 0,
  "dvars_nstd": 27.605631188794135,
  "dvars_std": 1.257874907911764,
  "dvars_vstd": 1.0161098964117645,
  "efc": 0.4454788196965655,
  "fber": 595375.6875,
  "fd_mean": 0.09956853233106078,
  "fd_num": 10,
  "fd_perc": 2.932551319648094,
  "fwhm_avg": 1.9269380177378288,
  "fwhm_x": 1.962937002370322,
  "fwhm_y": 2.087314777951509,
  "fwhm_z": 1.7305622728916554,
  "gcor": 0.0239553,
  "gsr_x": -0.018016023561358452,
  "gsr_y": 0.018771331757307053,
  "provenance": {
    "md5sum": "779b29fd317c3491c1803417f61df50d",
    "settings": {
      "fd_thres": 0.2,
      "testing": false
    },
    "software": "mriqc",
    "version": "23.0.1",
    "webapi_port": null,
    "webapi_url": "https://mriqc.nimh.nih.gov/api/v1"
  },
  "size_t": 341,
  "size_x": 80,
  "size_y": 80,
  "size_z": 44,
  "snr": 5.802284368372105,
  "spacing_tr": 0.699999988079071,
  "spacing_x": 2.700000047683716,
  "spacing_y": 2.700000047683716,
  "spacing_z": 2.9700000286102295,
  "summary_bg_k": 31.09618052397615,
  "summary_bg_mad": 62.59697121181789,
  "summary_bg_mean": 885.0477905273438,
  "summary_bg_median": 42.26396942138672,
  "summary_bg_n": 188273.0,
  "summary_bg_p05": 0.02472657971084118,
  "summary_bg_p95": 4188.966210937494,
  "summary_bg_stdv": 2100.829345703125,
  "summary_fg_k": 1.6012369925837522,
  "summary_fg_mad": 5270.532162781636,
  "summary_fg_mean": 35168.59375,
  "summary_fg_median": 34584.19921875,
  "summary_fg_n": 45146.0,
  "summary_fg_p05": 26825.9853515625,
  "summary_fg_p95": 45650.927734375,
  "summary_fg_stdv": 5960.37939453125,
  "tsnr": 67.75560760498047
}