{
  "aor": 0.0011893846153846156,
  "aqi": 0.0055147472923076915,
  "bids_meta": {
    "AcquisitionNumber": 13,
    "BIDSVersion": "1.1.0",
    "BidsifyVersion": "0.3.5",
    "ConversionSoftware": "dcm2niix",
    "ConversionSoftwareVersion": "v1.0.20181125  GCC6.3.0",
    "EchoTime": 0.03,
    "EffectiveEchoSpacing": 0.0006136,
    "FlipAngle": 55,
    "ImageComments": "NI-edu",
    "ImageOrientationPatientDICOM": [
      0.999625,
      -0.0119037,
      0.0246467,
      0.0209392,
      0.9125,
      -0.408541
    ],
    "InstitutionName": "Spinoza Centre for Neuroimaging, location REC",
    "MagneticFieldStrength": 3,
    "Manufacturer": "Philips",
    "MultibandAccelerationFactor": 4,
    "ParallelAcquisitionTechnique": "SENSE",
    "ParallelReductionFactorInPlane": 1.5,
    "PatientPosition": "HFS",
    "PhaseEncodingDirection": "j",
    "PhilipsRescaleIntercept": 0,
    "PhilipsRescaleSlope": 0.84298,
    "PhilipsScaleSlope": 0.0409323,
    "ProtocolName": "task-flocBLOCKED_acq-Mb4Mm27Tr700_bold",
    "PulseSequenceType": "Multiband gradient echo EPI",
    "ReconMatrixPE": 80,
    "RepetitionTime": 0.7,
    "SeriesDescription": "ImageMRSERIES",
    "SeriesNumber": 13,
    "SliceEncodingDirection": "k",
    "SliceTiming": [
      0.0,
      0.06363636363636363,
      0.12727272727272726,
      0.1909090909090909,
      0.2545454545454545,
      0.3181818181818181,
      0.3818181818181818,
      0.44545454545454544,
      0.509090909090909,
      0.5727272727272726,
      0.6363636363636362,
      0.0,
      0.06363636363636363,
      0.12727272727272726,
      0.1909090909090909,
      0.2545454545454545,
      0.3181818181818181,
      0.3818181818181818,
      0.44545454545454544,
      0.509090909090909,
      0.5727272727272726,
      0.6363636363636362,
      0.0,
      0.06363636363636363,
      0.12727272727272726,
      0.1909090909090909,
      0.2545454545454545,
      0.3181818181818181,
      0.3818181818181818,
      0.44545454545454544,
      0.509090909090909,
      0.5727272727272726,
      0.6363636363636362,
      0.0,
      0.06363636363636363,
      0.12727272727272726,
      0.1909090909090909,
      0.2545454545454545,
      0.3181818181818181,
      0.3818181818181818,
      0.44545454545454544,
      0.509090909090909,
      0.5727272727272726,
      0.6363636363636362
    ],
    "TaskName": "flocBLOCKED",
    "TotalReadoutTime": 0.0325221,
    "UsePhilipsFloatNotDisplayScaling": 1,
    "WaterFatShift": 14.388,
    "dataset": "ds003965",
    "modality": "bold",
    "session_id": "1",
    "subject_id": "03",
    "task_id": "flocBLOCKED"
  },
  "dummy_trs": 0,
  "dvars_nstd": 27.170278813765428,
  "dvars_std": 1.2345185174074085,
  "dvars_vstd": 1.0167495323148144,
  "efc": 0.4464471547534811,
  "fber": 473587.90625,
  "fd_mean": 0.0995285338903978,
  "fd_num": 8,
  "fd_perc": 2.4615384615384617,
  "fwhm_avg": 1.961603561510044,
  "fwhm_x": 2.0076518163954447,
  "fwhm_y": 2.1270814439158716,
  "fwhm_z": 1.750077424218816,
  "gcor": 0.0313169,
  "gsr_x": -0.01860402151942253,
  "gsr_y": 0.020446229726076126,
  "provenance": {
    "md5sum": "8070a61daaa28a6b53a26d2e0365565d",
    "settings": {
      "fd_thres": 0.2,
      "testing": false
    },
    "software": "mriqc",
    "version": "23.0.1",
    "webapi_port": null,
    "webapi_url": "https://mriqc.nimh.nih.gov/api/v1"
  },
  "size_t": 325,
  "size_x": 80,
  "size_y": 80,
  "size_z": 44,
  "snr": 5.632478627577109,
  "spacing_tr": 0.699999988079071,
  "spacing_x": 2.700000047683716,
  "spacing_y": 2.700000047683716,
  "spacing_z": 2.9700000286102295,
  "summary_bg_k": 27.36590881537852,
  "summary_bg_mad": 70.4088159892801,
  "summary_bg_mean": 901.88623046875,
  "summary_bg_median": 47.6168327331543,
  "summary_bg_n": 188212.0,
  "summary_bg_p05": 0.08773190118372441,
  "summary_bg_p95": 4297.959472656243,
  "summary_bg_stdv": 2077.131103515625,
  "summary_fg_k": 1.360590573939949,
  "summary_fg_mad": 5498.224535913108,
  "summary_fg_mean": 35190.2578125,
  "summary_fg_median": 34659.77734375,
  "summary_fg_n": 45205.0,
  "summary_fg_p05": 26341.634765625,
  "summary_fg_p95": 46055.13671874999,
  "summary_fg_stdv": 6153.48876953125,
  "tsnr": 66.43321990966797
}