{
  "aor": 0.001179476923076923,
  "aqi": 0.0061782268000000005,
  "bids_meta": {
    "AcquisitionNumber": 14,
    "BIDSVersion": "1.1.0",
    "BidsifyVersion": "0.3.5",
    "ConversionSoftware": "dcm2niix",
    "ConversionSoftwareVersion": "v1.0.20181125  GCC6.3.0",
    "EchoTime": 0.03,
    "EffectiveEchoSpacing": 0.0006136,
    "FlipAngle": 55,
    "ImageComments": "NI-edu",
    "ImageOrientationPatientDICOM": [
      0.992949,
      -0.117962,
      -0.0116941,
      0.103137,
      0.908336,
      -0.405325
    ],
    "InstitutionName": "Spinoza Centre for Neuroimaging, location REC",
    "MagneticFieldStrength": 3,
    "Manufacturer": "Philips",
    "MultibandAccelerationFactor": 4,
    "ParallelAcquisitionTechnique": "SENSE",
    "ParallelReductionFactorInPlane": 1.5,
    "PatientPosition": "HFS",
    "PhaseEncodingDirection": "j",
    "PhilipsRescaleIntercept": 0,
    "PhilipsRescaleSlope": 0.85153,
    "PhilipsScaleSlope": 0.046972,
    "ProtocolName": "task-flocBLOCKED_acq-Mb4Mm27Tr700_bold",
    "PulseSequenceType": "Multiband gradient echo EPI",
    "ReconMatrixPE": 80,
    "RepetitionTime": 0.7,
    "SeriesDescription": "ImageMRSERIES",
    "SeriesNumber": 14,
    "SliceEncodingDirection": "k",
    "SliceTiming": [
      0.0,
      0.06363636363636363,
      0.12727272727272726,
      0.1909090909090909,
      0.2545454545454545,
      0.3181818181818181,
      0.3818181818181818,
      0.44545454545454544,
      0.509090909090909,
      0.5727272727272726,
      0.6363636363636362,
      0.0,
      0.06363636363636363,
      0.12727272727272726,
      0.1909090909090909,
      0.2545454545454545,
      0.3181818181818181,
      0.3818181818181818,
      0.44545454545454544,
      0.509090909090909,
      0.5727272727272726,
      0.6363636363636362,
      0.0,
      0.06363636363636363,
      0.12727272727272726,
      0.1909090909090909,
      0.2545454545454545,
      0.3181818181818181,
      0.3818181818181818,
      0.44545454545454544,
      0.509090909090909,
      0.5727272727272726,
      0.6363636363636362,
      0.0,
      0.06363636363636363,
      0.12727272727272726,
      0.1909090909090909,
      0.2545454545454545,
      0.3181818181818181,
      0.3818181818181818,
      0.44545454545454544,
      0.509090909090909,
      0.5727272727272726,
      0.6363636363636362
    ],
    "TaskName": "flocBLOCKED",
    "TotalReadoutTime": 0.0325221,
    "UsePhilipsFloatNotDisplayScaling": 1,
    "WaterFatShift": 14.388,
    "dataset": "ds003965",
    "modality": "bold",
    "session_id": "2",
    "subject_id": "03",
    "task_id": "flocBLOCKED"
  },
  "dummy_trs": 0,
  "dvars_nstd": 28.581393924475304,
  "dvars_std": 1.2951416235493833,
  "dvars_vstd": 1.0182453308641968,
  "efc": 0.45272162567961804,
  "fber": 986196.5625,
  "fd_mean": 0.08400104905634095,
  "fd_num": 1,
  "fd_perc": 0.3076923076923077,
  "fwhm_avg": 1.9150969405820126,
  "fwhm_x": 1.9372851509714983,
  "fwhm_y": 2.0489888527024434,
  "fwhm_z": 1.7590168180720962,
  "gcor": 0.0286546,
  "gsr_x": -0.023001017048954964,
  "gsr_y": 0.018321990966796875,
  "provenance": {
    "md5sum": "9453db7081efd736011ed558b45f11d3",
    "settings": {
      "fd_thres": 0.2,
      "testing": false
    },
    "software": "mriqc",
    "version": "23.0.1",
    "webapi_port": null,
    "webapi_url": "https://mriqc.nimh.nih.gov/api/v1"
  },
  "size_t": 325,
  "size_x": 80,
  "size_y": 80,
  "size_z": 44,
  "snr": 6.237467712523263,
  "spacing_tr": 0.699999988079071,
  "spacing_x": 2.700000047683716,
  "spacing_y": 2.700000047683716,
  "spacing_z": 2.9700000286102295,
  "summary_bg_k": 24.357222900946642,
  "summary_bg_mad": 48.7345571889227,
  "summary_bg_mean": 994.3533325195312,
  "summary_bg_median": 32.94313430786133,
  "summary_bg_n": 187861.0,
  "summary_bg_p05": 0.05630296468734741,
  "summary_bg_p95": 5042.56201171875,
  "summary_bg_stdv": 2319.00927734375,
  "summary_fg_k": 1.6248785332924696,
  "summary_fg_mad": 4908.796043564746,
  "summary_fg_mean": 35067.2265625,
  "summary_fg_median": 34469.05859375,
  "summary_fg_n": 45410.0,
  "summary_fg_p05": 27625.45205078125,
  "summary_fg_p95": 45152.761914062496,
  "summary_fg_stdv": 5526.0693359375,
  "tsnr": 69.73164367675781
}