{
  "aor": 0.0011698533724340176,
  "aqi": 0.0060085567741935495,
  "bids_meta": {
    "AcquisitionNumber": 8,
    "BIDSVersion": "1.1.0",
    "BidsifyVersion": "0.3.5",
    "ConversionSoftware": "dcm2niix",
    "ConversionSoftwareVersion": "v1.0.20181125  GCC6.3.0",
    "EchoTime": 0.03,
    "EffectiveEchoSpacing": 0.0006136,
    "FlipAngle": 55,
    "ImageComments": "NI-edu",
    "ImageOrientationPatientDICOM": [
      0.992949,
      -0.117962,
      -0.0116941,
      0.103137,
      0.908336,
      -0.405325
    ],
    "InstitutionName": "Spinoza Centre for Neuroimaging, location REC",
    "MagneticFieldStrength": 3,
    "Manufacturer": "Philips",
    "MultibandAccelerationFactor": 4,
    "ParallelAcquisitionTechnique": "SENSE",
    "ParallelReductionFactorInPlane": 1.5,
    "PatientPosition": "HFS",
    "PhaseEncodingDirection": "j",
    "PhilipsRescaleIntercept": 0,
    "PhilipsRescaleSlope": 0.78706,
    "PhilipsScaleSlope": 0.0450061,
    "ProtocolName": "task-face_acq-Mb4Mm27Tr700_run-3_bold",
    "PulseSequenceType": "Multiband gradient echo EPI",
    "ReconMatrixPE": 80,
    "RepetitionTime": 0.7,
    "SeriesDescription": "ImageMRSERIES",
    "SeriesNumber": 8,
    "SliceEncodingDirection": "k",
    "SliceTiming": [
      0.0,
      0.06363636363636363,
      0.12727272727272726,
      0.1909090909090909,
      0.2545454545454545,
      0.3181818181818181,
      0.3818181818181818,
      0.44545454545454544,
      0.509090909090909,
      0.5727272727272726,
      0.6363636363636362,
      0.0,
      0.06363636363636363,
      0.12727272727272726,
      0.1909090909090909,
      0.2545454545454545,
      0.3181818181818181,
      0.3818181818181818,
      0.44545454545454544,
      0.509090909090909,
      0.5727272727272726,
      0.6363636363636362,
      0.0,
      0.06363636363636363,
      0.12727272727272726,
      0.1909090909090909,
      0.2545454545454545,
      0.3181818181818181,
      0.3818181818181818,
      0.44545454545454544,
      0.509090909090909,
      0.5727272727272726,
      0.6363636363636362,
      0.0,
      0.06363636363636363,
      0.12727272727272726,
      0.1909090909090909,
      0.2545454545454545,
      0.3181818181818181,
      0.3818181818181818,
      0.44545454545454544,
      0.509090909090909,
      0.5727272727272726,
      0.6363636363636362
    ],
    "TaskName": "face",
    "TotalReadoutTime": 0.0325221,
    "UsePhilipsFloatNotDisplayScaling": 1,
    "WaterFatShift": 14.388,
    "dataset": "ds003965",
    "modality": "bold",
    "run_id": 3,
    "session_id": "2",
    "subject_id": "03",
    "task_id": "face"
  },
  "dummy_trs": 0,
  "dvars_nstd": 28.687087171205878,
  "dvars_std": 1.3181478982647064,
  "dvars_vstd": 1.0156559619117642,
  "efc": 0.4491907646373952,
  "fber": 1362413.25,
  "fd_mean": 0.08932110513178991,
  "fd_num": 3,
  "fd_perc": 0.8797653958944281,
  "fwhm_avg": 1.918687737398801,
  "fwhm_x": 1.9297036696239107,
  "fwhm_y": 2.058844408083944,
  "fwhm_z": 1.7675151344885478,
  "gcor": 0.0333804,
  "gsr_x": -0.020049937069416046,
  "gsr_y": 0.016446102410554886,
  "provenance": {
    "md5sum": "b79d6eebfe7c24218c2e763c3e43f41a",
    "settings": {
      "fd_thres": 0.2,
      "testing": false
    },
    "software": "mriqc",
    "version": "23.0.1",
    "webapi_port": null,
    "webapi_url": "https://mriqc.nimh.nih.gov/api/v1"
  },
  "size_t": 341,
  "size_x": 80,
  "size_y": 80,
  "size_z": 44,
  "snr": 6.336404226043451,
  "spacing_tr": 0.699999988079071,
  "spacing_x": 2.700000047683716,
  "spacing_y": 2.700000047683716,
  "spacing_z": 2.9700000286102295,
  "summary_bg_k": 25.18519097874088,
  "summary_bg_mad": 42.565337715596826,
  "summary_bg_mean": 932.2432861328125,
  "summary_bg_median": 28.78704833984375,
  "summary_bg_n": 187783.0,
  "summary_bg_p05": 0.05913360416889191,
  "summary_bg_p95": 4651.185009765622,
  "summary_bg_stdv": 2224.37890625,
  "summary_fg_k": 1.8067347141841852,
  "summary_fg_mad": 4884.48513160095,
  "summary_fg_mean": 35644.2890625,
  "summary_fg_median": 35019.34375,
  "summary_fg_n": 45374.0,
  "summary_fg_p05": 28224.903125,
  "summary_fg_p95": 45569.55078125,
  "summary_fg_stdv": 5526.62939453125,
  "tsnr": 72.09493255615234
}