{
  "aor": 0.0010891495601173021,
  "aqi": 0.00625022073313783,
  "bids_meta": {
    "AcquisitionNumber": 18,
    "BIDSVersion": "1.1.0",
    "BidsifyVersion": "0.3.5",
    "ConversionSoftware": "dcm2niix",
    "ConversionSoftwareVersion": "v1.0.20181125  GCC6.3.0",
    "EchoTime": 0.03,
    "EffectiveEchoSpacing": 0.0006136,
    "FlipAngle": 55,
    "ImageComments": "NI-edu",
    "ImageOrientationPatientDICOM": [
      0.992949,
      -0.117962,
      -0.0116941,
      0.103137,
      0.908336,
      -0.405325
    ],
    "InstitutionName": "Spinoza Centre for Neuroimaging, location REC",
    "MagneticFieldStrength": 3,
    "Manufacturer": "Philips",
    "MultibandAccelerationFactor": 4,
    "ParallelAcquisitionTechnique": "SENSE",
    "ParallelReductionFactorInPlane": 1.5,
    "PatientPosition": "HFS",
    "PhaseEncodingDirection": "j",
    "PhilipsRescaleIntercept": 0,
    "PhilipsRescaleSlope": 0.76459,
    "PhilipsScaleSlope": 0.0505893,
    "ProtocolName": "task-face_acq-Mb4Mm27Tr700_run-6_bold",
    "PulseSequenceType": "Multiband gradient echo EPI",
    "ReconMatrixPE": 80,
    "RepetitionTime": 0.7,
    "SeriesDescription": "ImageMRSERIES",
    "SeriesNumber": 18,
    "SliceEncodingDirection": "k",
    "SliceTiming": [
      0.0,
      0.06363636363636363,
      0.12727272727272726,
      0.1909090909090909,
      0.2545454545454545,
      0.3181818181818181,
      0.3818181818181818,
      0.44545454545454544,
      0.509090909090909,
      0.5727272727272726,
      0.6363636363636362,
      0.0,
      0.06363636363636363,
      0.12727272727272726,
      0.1909090909090909,
      0.2545454545454545,
      0.3181818181818181,
      0.3818181818181818,
      0.44545454545454544,
      0.509090909090909,
      0.5727272727272726,
      0.6363636363636362,
      0.0,
      0.06363636363636363,
      0.12727272727272726,
      0.1909090909090909,
      0.2545454545454545,
      0.3181818181818181,
      0.3818181818181818,
      0.44545454545454544,
      0.509090909090909,
      0.5727272727272726,
      0.6363636363636362,
      0.0,
      0.06363636363636363,
      0.12727272727272726,
      0.1909090909090909,
      0.2545454545454545,
      0.3181818181818181,
      0.3818181818181818,
      0.44545454545454544,
      0.509090909090909,
      0.5727272727272726,
      0.6363636363636362
    ],
    "TaskName": "face",
    "TotalReadoutTime": 0.0325221,
    "UsePhilipsFloatNotDisplayScaling": 1,
    "WaterFatShift": 14.388,
    "dataset": "ds003965",
    "modality": "bold",
    "run_id": 6,
    "session_id": "2",
    "subject_id": "03",
    "task_id": "face"
  },
  "dummy_trs": 0,
  "dvars_nstd": 27.982472722794103,
  "dvars_std": 1.2651267998235294,
  "dvars_vstd": 1.0144470228529407,
  "efc": 0.4549730935973446,
  "fber": 796541.1875,
  "fd_mean": 0.0936287581823715,
  "fd_num": 6,
  "fd_perc": 1.7595307917888563,
  "fwhm_avg": 1.9101776364960987,
  "fwhm_x": 1.9422518175504506,
  "fwhm_y": 2.03679626032518,
  "fwhm_z": 1.7514848316126657,
  "gcor": 0.0396984,
  "gsr_x": -0.02355346269905567,
  "gsr_y": 0.017932206392288208,
  "provenance": {
    "md5sum": "8d2f6b7edd76f1e73a06ebe1eca82cf2",
    "settings": {
      "fd_thres": 0.2,
      "testing": false
    },
    "software": "mriqc",
    "version": "23.0.1",
    "webapi_port": null,
    "webapi_url": "https://mriqc.nimh.nih.gov/api/v1"
  },
  "size_t": 341,
  "size_x": 80,
  "size_y": 80,
  "size_z": 44,
  "snr": 6.204003202310486,
  "spacing_tr": 0.699999988079071,
  "spacing_x": 2.700000047683716,
  "spacing_y": 2.700000047683716,
  "spacing_z": 2.9700000286102295,
  "summary_bg_k": 22.52649728506253,
  "summary_bg_mad": 53.80006111351151,
  "summary_bg_mean": 1030.5474853515625,
  "summary_bg_median": 36.442832946777344,
  "summary_bg_n": 187696.0,
  "summary_bg_p05": 0.11318632587790489,
  "summary_bg_p95": 5237.4613037109375,
  "summary_bg_stdv": 2391.606689453125,
  "summary_fg_k": 1.598953302457951,
  "summary_fg_mad": 4910.922940692661,
  "summary_fg_mean": 34913.60546875,
  "summary_fg_median": 34320.453125,
  "summary_fg_n": 45524.0,
  "summary_fg_p05": 27445.01435546875,
  "summary_fg_p95": 45014.990234375,
  "summary_fg_stdv": 5531.92431640625,
  "tsnr": 68.53363037109375
}