{
  "aor": 0.0010838416422287388,
  "aqi": 0.005799246451612903,
  "bids_meta": {
    "AcquisitionNumber": 4,
    "BIDSVersion": "1.1.0",
    "BidsifyVersion": "0.3.5",
    "ConversionSoftware": "dcm2niix",
    "ConversionSoftwareVersion": "v1.0.20181125  GCC6.3.0",
    "EchoTime": 0.03,
    "EffectiveEchoSpacing": 0.0006136,
    "FlipAngle": 55,
    "ImageComments": "NI-edu",
    "ImageOrientationPatientDICOM": [
      0.992949,
      -0.117962,
      -0.0116941,
      0.103137,
      0.908336,
      -0.405325
    ],
    "InstitutionName": "Spinoza Centre for Neuroimaging, location REC",
    "MagneticFieldStrength": 3,
    "Manufacturer": "Philips",
    "MultibandAccelerationFactor": 4,
    "ParallelAcquisitionTechnique": "SENSE",
    "ParallelReductionFactorInPlane": 1.5,
    "PatientPosition": "HFS",
    "PhaseEncodingDirection": "j",
    "PhilipsRescaleIntercept": 0,
    "PhilipsRescaleSlope": 0.79731,
    "PhilipsScaleSlope": 0.0430395,
    "ProtocolName": "task-face_acq-Mb4Mm27Tr700_run-2_bold",
    "PulseSequenceType": "Multiband gradient echo EPI",
    "ReconMatrixPE": 80,
    "RepetitionTime": 0.7,
    "SeriesDescription": "ImageMRSERIES",
    "SeriesNumber": 4,
    "SliceEncodingDirection": "k",
    "SliceTiming": [
      0.0,
      0.06363636363636363,
      0.12727272727272726,
      0.1909090909090909,
      0.2545454545454545,
      0.3181818181818181,
      0.3818181818181818,
      0.44545454545454544,
      0.509090909090909,
      0.5727272727272726,
      0.6363636363636362,
      0.0,
      0.06363636363636363,
      0.12727272727272726,
      0.1909090909090909,
      0.2545454545454545,
      0.3181818181818181,
      0.3818181818181818,
      0.44545454545454544,
      0.509090909090909,
      0.5727272727272726,
      0.6363636363636362,
      0.0,
      0.06363636363636363,
      0.12727272727272726,
      0.1909090909090909,
      0.2545454545454545,
      0.3181818181818181,
      0.3818181818181818,
      0.44545454545454544,
      0.509090909090909,
      0.5727272727272726,
      0.6363636363636362,
      0.0,
      0.06363636363636363,
      0.12727272727272726,
      0.1909090909090909,
      0.2545454545454545,
      0.3181818181818181,
      0.3818181818181818,
      0.44545454545454544,
      0.509090909090909,
      0.5727272727272726,
      0.6363636363636362
    ],
    "TaskName": "face",
    "TotalReadoutTime": 0.0325221,
    "UsePhilipsFloatNotDisplayScaling": 1,
    "WaterFatShift": 14.388,
    "dataset": "ds003965",
    "modality": "bold",
    "run_id": 2,
    "session_id": "2",
    "subject_id": "03",
    "task_id": "face"
  },
  "dummy_trs": 0,
  "dvars_nstd": 28.070788254441183,
  "dvars_std": 1.308272629058823,
  "dvars_vstd": 1.013570078294117,
  "efc": 0.44625657485776166,
  "fber": 1820853.5,
  "fd_mean": 0.09362094834018868,
  "fd_num": 8,
  "fd_perc": 2.346041055718475,
  "fwhm_avg": 1.950713326160309,
  "fwhm_x": 1.9536555210527575,
  "fwhm_y": 2.0930332963690352,
  "fwhm_z": 1.805451161059134,
  "gcor": 0.034294,
  "gsr_x": -0.018790747970342636,
  "gsr_y": 0.015685031190514565,
  "provenance": {
    "md5sum": "c652647109562674c2825f0e6f0e93c1",
    "settings": {
      "fd_thres": 0.2,
      "testing": false
    },
    "software": "mriqc",
    "version": "23.0.1",
    "webapi_port": null,
    "webapi_url": "https://mriqc.nimh.nih.gov/api/v1"
  },
  "size_t": 341,
  "size_x": 80,
  "size_y": 80,
  "size_z": 44,
  "snr": 6.277057391434647,
  "spacing_tr": 0.699999988079071,
  "spacing_x": 2.700000047683716,
  "spacing_y": 2.700000047683716,
  "spacing_z": 2.9700000286102295,
  "summary_bg_k": 27.613016831682064,
  "summary_bg_mad": 38.56128150400295,
  "summary_bg_mean": 914.6257934570312,
  "summary_bg_median": 26.065338134765625,
  "summary_bg_n": 187853.0,
  "summary_bg_p05": 0.042509771138429644,
  "summary_bg_p95": 4484.901171874997,
  "summary_bg_stdv": 2238.97119140625,
  "summary_fg_k": 1.7768672655118483,
  "summary_fg_mad": 5065.298896694558,
  "summary_fg_mean": 36809.296875,
  "summary_fg_median": 36150.4296875,
  "summary_fg_n": 45246.0,
  "summary_fg_p05": 29082.908203125,
  "summary_fg_p95": 47173.1884765625,
  "summary_fg_stdv": 5759.07275390625,
  "tsnr": 72.49472045898438
}