{
  "aor": 0.001085483870967742,
  "aqi": 0.006372893108504398,
  "bids_meta": {
    "AcquisitionNumber": 12,
    "BIDSVersion": "1.1.0",
    "BidsifyVersion": "0.3.5",
    "ConversionSoftware": "dcm2niix",
    "ConversionSoftwareVersion": "v1.0.20181125  GCC6.3.0",
    "EchoTime": 0.03,
    "EffectiveEchoSpacing": 0.0006136,
    "FlipAngle": 55,
    "ImageComments": "NI-edu",
    "ImageOrientationPatientDICOM": [
      0.992949,
      -0.117962,
      -0.0116941,
      0.103137,
      0.908336,
      -0.405325
    ],
    "InstitutionName": "Spinoza Centre for Neuroimaging, location REC",
    "MagneticFieldStrength": 3,
    "Manufacturer": "Philips",
    "MultibandAccelerationFactor": 4,
    "ParallelAcquisitionTechnique": "SENSE",
    "ParallelReductionFactorInPlane": 1.5,
    "PatientPosition": "HFS",
    "PhaseEncodingDirection": "j",
    "PhilipsRescaleIntercept": 0,
    "PhilipsRescaleSlope": 0.842,
    "PhilipsScaleSlope": 0.0432007,
    "ProtocolName": "task-face_acq-Mb4Mm27Tr700_run-4_bold",
    "PulseSequenceType": "Multiband gradient echo EPI",
    "ReconMatrixPE": 80,
    "RepetitionTime": 0.7,
    "SeriesDescription": "ImageMRSERIES",
    "SeriesNumber": 12,
    "SliceEncodingDirection": "k",
    "SliceTiming": [
      0.0,
      0.06363636363636363,
      0.12727272727272726,
      0.1909090909090909,
      0.2545454545454545,
      0.3181818181818181,
      0.3818181818181818,
      0.44545454545454544,
      0.509090909090909,
      0.5727272727272726,
      0.6363636363636362,
      0.0,
      0.06363636363636363,
      0.12727272727272726,
      0.1909090909090909,
      0.2545454545454545,
      0.3181818181818181,
      0.3818181818181818,
      0.44545454545454544,
      0.509090909090909,
      0.5727272727272726,
      0.6363636363636362,
      0.0,
      0.06363636363636363,
      0.12727272727272726,
      0.1909090909090909,
      0.2545454545454545,
      0.3181818181818181,
      0.3818181818181818,
      0.44545454545454544,
      0.509090909090909,
      0.5727272727272726,
      0.6363636363636362,
      0.0,
      0.06363636363636363,
      0.12727272727272726,
      0.1909090909090909,
      0.2545454545454545,
      0.3181818181818181,
      0.3818181818181818,
      0.44545454545454544,
      0.509090909090909,
      0.5727272727272726,
      0.6363636363636362
    ],
    "TaskName": "face",
    "TotalReadoutTime": 0.0325221,
    "UsePhilipsFloatNotDisplayScaling": 1,
    "WaterFatShift": 14.388,
    "dataset": "ds003965",
    "modality": "bold",
    "run_id": 4,
    "session_id": "2",
    "subject_id": "03",
    "task_id": "face"
  },
  "dummy_trs": 0,
  "dvars_nstd": 28.756996838970565,
  "dvars_std": 1.3078308233823528,
  "dvars_vstd": 1.013155790264706,
  "efc": 0.45214966600797046,
  "fber": 988962.625,
  "fd_mean": 0.08585097435390907,
  "fd_num": 1,
  "fd_perc": 0.2932551319648094,
  "fwhm_avg": 1.9051172550038353,
  "fwhm_x": 1.9180184846450932,
  "fwhm_y": 2.04133329728209,
  "fwhm_z": 1.7559999830843225,
  "gcor": 0.0250826,
  "gsr_x": -0.021881574764847755,
  "gsr_y": 0.01675494946539402,
  "provenance": {
    "md5sum": "92ad39fbfa19c5ab67628acc20e4d041",
    "settings": {
      "fd_thres": 0.2,
      "testing": false
    },
    "software": "mriqc",
    "version": "23.0.1",
    "webapi_port": null,
    "webapi_url": "https://mriqc.nimh.nih.gov/api/v1"
  },
  "size_t": 341,
  "size_x": 80,
  "size_y": 80,
  "size_z": 44,
  "snr": 6.345263765803151,
  "spacing_tr": 0.699999988079071,
  "spacing_x": 2.700000047683716,
  "spacing_y": 2.700000047683716,
  "spacing_z": 2.9700000286102295,
  "summary_bg_k": 24.74610812910825,
  "summary_bg_mad": 49.13038911137835,
  "summary_bg_mean": 971.0794677734375,
  "summary_bg_median": 33.223854064941406,
  "summary_bg_n": 187687.0,
  "summary_bg_p05": 0.05671326965093614,
  "summary_bg_p95": 4848.342236328124,
  "summary_bg_stdv": 2294.286865234375,
  "summary_fg_k": 1.7458210097759537,
  "summary_fg_mad": 4824.161753835503,
  "summary_fg_mean": 35019.796875,
  "summary_fg_median": 34412.5625,
  "summary_fg_n": 45470.0,
  "summary_fg_p05": 27688.50458984375,
  "summary_fg_p95": 44738.37382812499,
  "summary_fg_stdv": 5423.28662109375,
  "tsnr": 69.8427734375
}