{
  "aor": 0.0010776627218934912,
  "aqi": 0.0054591559763313615,
  "bids_meta": {
    "AcquisitionNumber": 15,
    "BIDSVersion": "1.1.0",
    "BidsifyVersion": "0.3.5",
    "ConversionSoftware": "dcm2niix",
    "ConversionSoftwareVersion": "v1.0.20181125  GCC6.3.0",
    "EchoTime": 0.03,
    "EffectiveEchoSpacing": 0.0006136,
    "FlipAngle": 55,
    "ImageComments": "NI-edu",
    "ImageOrientationPatientDICOM": [
      0.999625,
      -0.0119037,
      0.0246467,
      0.0209392,
      0.9125,
      -0.408541
    ],
    "InstitutionName": "Spinoza Centre for Neuroimaging, location REC",
    "MagneticFieldStrength": 3,
    "Manufacturer": "Philips",
    "MultibandAccelerationFactor": 4,
    "ParallelAcquisitionTechnique": "SENSE",
    "ParallelReductionFactorInPlane": 1.5,
    "PatientPosition": "HFS",
    "PhaseEncodingDirection": "j",
    "PhilipsRescaleIntercept": 0,
    "PhilipsRescaleSlope": 0.82247,
    "PhilipsScaleSlope": 0.0458488,
    "ProtocolName": "task-face_acq-Mb4Mm27Tr700_run-5_bold",
    "PulseSequenceType": "Multiband gradient echo EPI",
    "ReconMatrixPE": 80,
    "RepetitionTime": 0.7,
    "SeriesDescription": "ImageMRSERIES",
    "SeriesNumber": 15,
    "SliceEncodingDirection": "k",
    "SliceTiming": [
      0.0,
      0.06363636363636363,
      0.12727272727272726,
      0.1909090909090909,
      0.2545454545454545,
      0.3181818181818181,
      0.3818181818181818,
      0.44545454545454544,
      0.509090909090909,
      0.5727272727272726,
      0.6363636363636362,
      0.0,
      0.06363636363636363,
      0.12727272727272726,
      0.1909090909090909,
      0.2545454545454545,
      0.3181818181818181,
      0.3818181818181818,
      0.44545454545454544,
      0.509090909090909,
      0.5727272727272726,
      0.6363636363636362,
      0.0,
      0.06363636363636363,
      0.12727272727272726,
      0.1909090909090909,
      0.2545454545454545,
      0.3181818181818181,
      0.3818181818181818,
      0.44545454545454544,
      0.509090909090909,
      0.5727272727272726,
      0.6363636363636362,
      0.0,
      0.06363636363636363,
      0.12727272727272726,
      0.1909090909090909,
      0.2545454545454545,
      0.3181818181818181,
      0.3818181818181818,
      0.44545454545454544,
      0.509090909090909,
      0.5727272727272726,
      0.6363636363636362
    ],
    "TaskName": "face",
    "TotalReadoutTime": 0.0325221,
    "UsePhilipsFloatNotDisplayScaling": 1,
    "WaterFatShift": 14.388,
    "dataset": "ds003965",
    "modality": "bold",
    "run_id": 5,
    "session_id": "1",
    "subject_id": "03",
    "task_id": "face"
  },
  "dummy_trs": 3,
  "dvars_nstd": 27.930216916735894,
  "dvars_std": 1.2591246661127586,
  "dvars_vstd": 1.0188588155786331,
  "efc": 0.4474504306800814,
  "fber": 430271.875,
  "fd_mean": 0.09932766358901898,
  "fd_num": 5,
  "fd_perc": 1.4792899408284024,
  "fwhm_avg": 1.952621294517461,
  "fwhm_x": 2.004125890531789,
  "fwhm_y": 2.116970332983329,
  "fwhm_z": 1.7367676600372655,
  "gcor": 0.0342507,
  "gsr_x": -0.01879279874265194,
  "gsr_y": 0.020876718685030937,
  "provenance": {
    "md5sum": "a5d47da25daf7f4db8cbc88b7227a963",
    "settings": {
      "fd_thres": 0.2,
      "testing": false
    },
    "software": "mriqc",
    "version": "23.0.1",
    "webapi_port": null,
    "webapi_url": "https://mriqc.nimh.nih.gov/api/v1"
  },
  "size_t": 338,
  "size_x": 80,
  "size_y": 80,
  "size_z": 44,
  "snr": 5.695402082995845,
  "spacing_tr": 0.699999988079071,
  "spacing_x": 2.700000047683716,
  "spacing_y": 2.700000047683716,
  "spacing_z": 2.9700000286102295,
  "summary_bg_k": 26.5203420283145,
  "summary_bg_mad": 72.15298513148943,
  "summary_bg_mean": 888.484619140625,
  "summary_bg_median": 48.77527618408203,
  "summary_bg_n": 188178.0,
  "summary_bg_p05": 0.0548545440658927,
  "summary_bg_p95": 4268.611450195311,
  "summary_bg_stdv": 2034.2305908203125,
  "summary_fg_k": 1.3509190292499529,
  "summary_fg_mad": 5285.834528843536,
  "summary_fg_mean": 34212.88671875,
  "summary_fg_median": 33725.12890625,
  "summary_fg_n": 45234.0,
  "summary_fg_p05": 25703.1712890625,
  "summary_fg_p95": 44637.412695312494,
  "summary_fg_stdv": 5921.400390625,
  "tsnr": 66.92437744140625
}