{
  "aor": 0.001097076023391813,
  "aqi": 0.005464449210526316,
  "bids_meta": {
    "AcquisitionNumber": 4,
    "BIDSVersion": "1.1.0",
    "BidsifyVersion": "0.3.5",
    "ConversionSoftware": "dcm2niix",
    "ConversionSoftwareVersion": "v1.0.20181125  GCC6.3.0",
    "EchoTime": 0.03,
    "EffectiveEchoSpacing": 0.0006136,
    "FlipAngle": 55,
    "ImageComments": "NI-edu",
    "ImageOrientationPatientDICOM": [
      0.999625,
      -0.0119037,
      0.0246467,
      0.0209392,
      0.9125,
      -0.408541
    ],
    "InstitutionName": "Spinoza Centre for Neuroimaging, location REC",
    "MagneticFieldStrength": 3,
    "Manufacturer": "Philips",
    "MultibandAccelerationFactor": 4,
    "ParallelAcquisitionTechnique": "SENSE",
    "ParallelReductionFactorInPlane": 1.5,
    "PatientPosition": "HFS",
    "PhaseEncodingDirection": "j",
    "PhilipsRescaleIntercept": 0,
    "PhilipsRescaleSlope": 0.77582,
    "PhilipsScaleSlope": 0.0375259,
    "ProtocolName": "task-face_acq-Mb4Mm27Tr700_run-2_bold",
    "PulseSequenceType": "Multiband gradient echo EPI",
    "ReconMatrixPE": 80,
    "RepetitionTime": 0.7,
    "SeriesDescription": "ImageMRSERIES",
    "SeriesNumber": 4,
    "SliceEncodingDirection": "k",
    "SliceTiming": [
      0.0,
      0.06363636363636363,
      0.12727272727272726,
      0.1909090909090909,
      0.2545454545454545,
      0.3181818181818181,
      0.3818181818181818,
      0.44545454545454544,
      0.509090909090909,
      0.5727272727272726,
      0.6363636363636362,
      0.0,
      0.06363636363636363,
      0.12727272727272726,
      0.1909090909090909,
      0.2545454545454545,
      0.3181818181818181,
      0.3818181818181818,
      0.44545454545454544,
      0.509090909090909,
      0.5727272727272726,
      0.6363636363636362,
      0.0,
      0.06363636363636363,
      0.12727272727272726,
      0.1909090909090909,
      0.2545454545454545,
      0.3181818181818181,
      0.3818181818181818,
      0.44545454545454544,
      0.509090909090909,
      0.5727272727272726,
      0.6363636363636362,
      0.0,
      0.06363636363636363,
      0.12727272727272726,
      0.1909090909090909,
      0.2545454545454545,
      0.3181818181818181,
      0.3818181818181818,
      0.44545454545454544,
      0.509090909090909,
      0.5727272727272726,
      0.6363636363636362
    ],
    "TaskName": "face",
    "TotalReadoutTime": 0.0325221,
    "UsePhilipsFloatNotDisplayScaling": 1,
    "WaterFatShift": 14.388,
    "dataset": "ds003965",
    "modality": "bold",
    "run_id": 2,
    "session_id": "1",
    "subject_id": "03",
    "task_id": "face"
  },
  "dummy_trs": 0,
  "dvars_nstd": 26.08178688589443,
  "dvars_std": 1.226064668944281,
  "dvars_vstd": 1.0166063261290337,
  "efc": 0.4398058963558594,
  "fber": 813077.3125,
  "fd_mean": 0.10162914025363717,
  "fd_num": 9,
  "fd_perc": 2.6315789473684212,
  "fwhm_avg": 1.9488434046361964,
  "fwhm_x": 1.9790184835677944,
  "fwhm_y": 2.1071110738981904,
  "fwhm_z": 1.7604006564426038,
  "gcor": 0.0429937,
  "gsr_x": -0.01578705385327339,
  "gsr_y": 0.01874420791864395,
  "provenance": {
    "md5sum": "48cf8d92dbf5a9d86e86048826b414d9",
    "settings": {
      "fd_thres": 0.2,
      "testing": false
    },
    "software": "mriqc",
    "version": "23.0.1",
    "webapi_port": null,
    "webapi_url": "https://mriqc.nimh.nih.gov/api/v1"
  },
  "size_t": 342,
  "size_x": 80,
  "size_y": 80,
  "size_z": 44,
  "snr": 5.8544376865856895,
  "spacing_tr": 0.699999988079071,
  "spacing_x": 2.700000047683716,
  "spacing_y": 2.700000047683716,
  "spacing_z": 2.9700000286102295,
  "summary_bg_k": 33.053294514477415,
  "summary_bg_mad": 56.38222513828113,
  "summary_bg_mean": 822.6685180664062,
  "summary_bg_median": 38.09394836425781,
  "summary_bg_n": 188652.0,
  "summary_bg_p05": 0.0435164449736476,
  "summary_bg_p95": 3889.325891113277,
  "summary_bg_stdv": 2025.1513671875,
  "summary_fg_k": 1.6474656619331949,
  "summary_fg_mad": 5364.451538475017,
  "summary_fg_mean": 36364.4140625,
  "summary_fg_median": 35690.55078125,
  "summary_fg_n": 44852.0,
  "summary_fg_p05": 27946.38134765625,
  "summary_fg_p95": 47222.15195312499,
  "summary_fg_stdv": 6096.25634765625,
  "tsnr": 69.19876861572266
}