{
  "aor": 0.0009973099415204678,
  "aqi": 0.005774423801169591,
  "bids_meta": {
    "AcquisitionNumber": 2,
    "BIDSVersion": "1.1.0",
    "BidsifyVersion": "0.3.5",
    "ConversionSoftware": "dcm2niix",
    "ConversionSoftwareVersion": "v1.0.20181125  GCC6.3.0",
    "EchoTime": 0.03,
    "EffectiveEchoSpacing": 0.0006136,
    "FlipAngle": 55,
    "ImageComments": "NI-edu",
    "ImageOrientationPatientDICOM": [
      0.999625,
      -0.0119037,
      0.0246467,
      0.0209392,
      0.9125,
      -0.408541
    ],
    "InstitutionName": "Spinoza Centre for Neuroimaging, location REC",
    "MagneticFieldStrength": 3,
    "Manufacturer": "Philips",
    "MultibandAccelerationFactor": 4,
    "ParallelAcquisitionTechnique": "SENSE",
    "ParallelReductionFactorInPlane": 1.5,
    "PatientPosition": "HFS",
    "PhaseEncodingDirection": "j",
    "PhilipsRescaleIntercept": 0,
    "PhilipsRescaleSlope": 0.83541,
    "PhilipsScaleSlope": 0.0398132,
    "ProtocolName": "task-face_acq-Mb4Mm27Tr700_run-1_bold",
    "PulseSequenceType": "Multiband gradient echo EPI",
    "ReconMatrixPE": 80,
    "RepetitionTime": 0.7,
    "SeriesDescription": "ImageMRSERIES",
    "SeriesNumber": 2,
    "SliceEncodingDirection": "k",
    "SliceTiming": [
      0.0,
      0.06363636363636363,
      0.12727272727272726,
      0.1909090909090909,
      0.2545454545454545,
      0.3181818181818181,
      0.3818181818181818,
      0.44545454545454544,
      0.509090909090909,
      0.5727272727272726,
      0.6363636363636362,
      0.0,
      0.06363636363636363,
      0.12727272727272726,
      0.1909090909090909,
      0.2545454545454545,
      0.3181818181818181,
      0.3818181818181818,
      0.44545454545454544,
      0.509090909090909,
      0.5727272727272726,
      0.6363636363636362,
      0.0,
      0.06363636363636363,
      0.12727272727272726,
      0.1909090909090909,
      0.2545454545454545,
      0.3181818181818181,
      0.3818181818181818,
      0.44545454545454544,
      0.509090909090909,
      0.5727272727272726,
      0.6363636363636362,
      0.0,
      0.06363636363636363,
      0.12727272727272726,
      0.1909090909090909,
      0.2545454545454545,
      0.3181818181818181,
      0.3818181818181818,
      0.44545454545454544,
      0.509090909090909,
      0.5727272727272726,
      0.6363636363636362
    ],
    "TaskName": "face",
    "TotalReadoutTime": 0.0325221,
    "UsePhilipsFloatNotDisplayScaling": 1,
    "WaterFatShift": 14.388,
    "dataset": "ds003965",
    "modality": "bold",
    "run_id": 1,
    "session_id": "1",
    "subject_id": "03",
    "task_id": "face"
  },
  "dummy_trs": 0,
  "dvars_nstd": 25.05847344120235,
  "dvars_std": 1.2064350504692087,
  "dvars_vstd": 1.014526276304985,
  "efc": 0.4390721014284008,
  "fber": 1229229.875,
  "fd_mean": 0.10663913171589792,
  "fd_num": 12,
  "fd_perc": 3.508771929824561,
  "fwhm_avg": 1.9596996397101254,
  "fwhm_x": 1.9854849747956267,
  "fwhm_y": 2.1175703329727327,
  "fwhm_z": 1.7760436113620168,
  "gcor": 0.0596997,
  "gsr_x": -0.014757451601326466,
  "gsr_y": 0.01816362701356411,
  "provenance": {
    "md5sum": "6bce3cacb5db27842471523b45ac7790",
    "settings": {
      "fd_thres": 0.2,
      "testing": false
    },
    "software": "mriqc",
    "version": "23.0.1",
    "webapi_port": null,
    "webapi_url": "https://mriqc.nimh.nih.gov/api/v1"
  },
  "size_t": 342,
  "size_x": 80,
  "size_y": 80,
  "size_z": 44,
  "snr": 5.926574300539442,
  "spacing_tr": 0.699999988079071,
  "spacing_x": 2.700000286102295,
  "spacing_y": 2.700000047683716,
  "spacing_z": 2.9700002670288086,
  "summary_bg_k": 32.91729830391779,
  "summary_bg_mad": 54.74202040936674,
  "summary_bg_mean": 821.3362426757812,
  "summary_bg_median": 36.92293167114258,
  "summary_bg_n": 188436.0,
  "summary_bg_p05": 0.0,
  "summary_bg_p95": 3922.436279296875,
  "summary_bg_stdv": 2040.3961181640625,
  "summary_fg_k": 1.7072133549916995,
  "summary_fg_mad": 5361.628223703448,
  "summary_fg_mean": 36792.66015625,
  "summary_fg_median": 36109.28515625,
  "summary_fg_n": 44985.0,
  "summary_fg_p05": 28416.536328125,
  "summary_fg_p95": 47631.60625,
  "summary_fg_stdv": 6092.70751953125,
  "tsnr": 66.8418960571289
}