{
  "bids_meta": {
    "AcquisitionNumber": 10,
    "BIDSVersion": "1.1.0",
    "BidsifyVersion": "0.3.5",
    "ConversionSoftware": "dcm2niix",
    "ConversionSoftwareVersion": "v1.0.20181125  GCC6.3.0",
    "EchoTime": 0.00373,
    "ImageComments": "NI-edu",
    "ImageOrientationPatientDICOM": [
      0.998795,
      0.0315523,
      0.0375831,
      -0.0312139,
      0.999467,
      -0.0095561
    ],
    "InstitutionName": "Spinoza Centre for Neuroimaging, location REC",
    "InversionTime": 0.9,
    "MagneticFieldStrength": 3,
    "Manufacturer": "Philips",
    "ParallelAcquisitionTechnique": "SENSE",
    "PatientPosition": "HFS",
    "PhilipsRescaleIntercept": 0,
    "PhilipsRescaleSlope": 2.51209,
    "PhilipsScaleSlope": 0.00729712,
    "ProtocolName": "acq-AxialNsig2Mm1_T1w",
    "ReconMatrixPE": 240,
    "RepetitionTime": 0.008144,
    "SeriesDescription": "ImageMRSERIES",
    "SeriesNumber": 10,
    "UsePhilipsFloatNotDisplayScaling": 1,
    "acq_id": "AxialNsig2Mm1",
    "dataset": "ds003965",
    "modality": "T1w",
    "session_id": "1",
    "subject_id": "03"
  },
  "cjv": 0.26881229886702535,
  "cnr": 4.843986113776648,
  "efc": 0.6581944269353596,
  "fber": -1.0,
  "fwhm_avg": 4.2376700000000005,
  "fwhm_x": 4.15494,
  "fwhm_y": 4.45074,
  "fwhm_z": 4.10733,
  "icvs_csf": 0.2583055306365549,
  "icvs_gm": 0.43218208034300676,
  "icvs_wm": 0.3095123890204383,
  "inu_med": 0.5625468492507935,
  "inu_range": 0.15705506205558784,
  "provenance": {
    "md5sum": "2133be2c048012c6afa71785050d46cd",
    "settings": {
      "testing": false
    },
    "software": "mriqc",
    "version": "23.0.1",
    "warnings": {
      "large_rot_frame": true,
      "small_air_mask": false
    },
    "webapi_port": null,
    "webapi_url": "https://mriqc.nimh.nih.gov/api/v1"
  },
  "qi_1": 2.1777228125633975e-05,
  "qi_2": 2.1104850220689032e-05,
  "rpve_csf": 24.68237544134955,
  "rpve_gm": 14.79861586378492,
  "rpve_wm": 24.313048022538947,
  "size_x": 240,
  "size_y": 240,
  "size_z": 220,
  "snr_csf": 1.344866873202772,
  "snr_gm": 8.908275393447058,
  "snr_total": 13.110080463035283,
  "snr_wm": 29.077099122456023,
  "snrd_csf": 11.088401589991525,
  "snrd_gm": 53.901366297258654,
  "snrd_total": 50.57401494112886,
  "snrd_wm": 86.73227693613639,
  "spacing_x": 1.0,
  "spacing_y": 1.0,
  "spacing_z": 1.0,
  "summary_bg_k": 248.8259427080245,
  "summary_bg_mad": 0.0,
  "summary_bg_mean": 3.510682923762795,
  "summary_bg_median": 0.0,
  "summary_bg_n": 550217.0,
  "summary_bg_p05": 0.0,
  "summary_bg_p95": 17.354202261194587,
  "summary_bg_stdv": 7.553547660613506,
  "summary_csf_k": 0.9956535335617094,
  "summary_csf_mad": 90.88862081158082,
  "summary_csf_mean": 146.0262161245917,
  "summary_csf_median": 127.84630786813796,
  "summary_csf_n": 52445.0,
  "summary_csf_p05": 30.905955109745264,
  "summary_csf_p95": 334.8764140281825,
  "summary_csf_stdv": 95.0615198789759,
  "summary_gm_k": 0.19572346778366878,
  "summary_gm_mad": 69.20711245714132,
  "summary_gm_mean": 620.3978402668344,
  "summary_gm_median": 621.4683526949957,
  "summary_gm_n": 46010.0,
  "summary_gm_p05": 503.92292450023814,
  "summary_gm_p95": 731.1756504289806,
  "summary_gm_stdv": 69.76227963190671,
  "summary_wm_k": 0.3716580167040826,
  "summary_wm_mad": 32.54684474067788,
  "summary_wm_mean": 1000.0272436936222,
  "summary_wm_median": 999.9999809972942,
  "summary_wm_n": 152448.0,
  "summary_wm_p05": 943.1843124479055,
  "summary_wm_p95": 1057.3683311473578,
  "summary_wm_stdv": 34.391212719456014,
  "tpm_overlap_csf": 0.16175802708003859,
  "tpm_overlap_gm": 0.4721030069906918,
  "tpm_overlap_wm": 0.4922046630704846,
  "wm2max": 0.8074327942593981
}